PATH
  remote: .
  specs:
    irkit (0.1.0)
      args_parser
      dnssd
      hashie
      httparty
      json

GEM
  remote: https://rubygems.org/
  specs:
    args_parser (0.2.0)
    dnssd (3.0.1)
    hashie (3.4.2)
    httparty (0.13.7)
      json (~> 1.8)
      multi_xml (>= 0.5.2)
    json (1.8.3)
    minitest (5.8.1)
    multi_xml (0.5.5)
    rake (10.4.2)

PLATFORMS
  ruby

DEPENDENCIES
  bundler (~> 1.3)
  irkit!
  minitest
  rake

BUNDLED WITH
   1.10.5
